GEM
  remote: https://rubygems.org/
  specs:
    motion-fileutils (0.1.1)
    rake (10.1.0)

PLATFORMS
  ruby

DEPENDENCIES
  motion-fileutils
  rake

BUNDLED WITH
   1.12.5
