GEM
  remote: https://rubygems.org/
  specs:
    dbt (1.2.0)
    motion-fileutils (0.1.1)
    motion-kit (1.1.1)
      dbt (~> 1.1, >= 1.1.5)
    motion-sparkle-sandbox (2.0.0)
    rake (13.0.1)

PLATFORMS
  ruby

DEPENDENCIES
  motion-fileutils
  motion-kit
  motion-sparkle-sandbox
  rake

BUNDLED WITH
   1.16.1
