GIT
  remote: git://github.com/webcracy/motion-sparkle.git
  revision: 371669bb58543572d65fec8bc1ddccb9d7c3f8cb
  specs:
    motion-sparkle (0.0.6)

GEM
  remote: https://rubygems.org/
  specs:
    dbt (1.2.0)
    motion-fileutils (0.1.1)
    motion-kit (1.1.1)
      dbt (~> 1.1, >= 1.1.5)
    rake (12.0.0)

PLATFORMS
  ruby

DEPENDENCIES
  motion-fileutils
  motion-kit
  motion-sparkle!
  rake

BUNDLED WITH
   1.14.6
